GIT
  remote: git://github.com/DAddYE/mini_record.git
  revision: 950ac7bf8b5758c5dc82523cfd6a4155624dd9d1
  specs:
    mini_record (0.3.0)
      activerecord (~> 3.2.0)

GIT
  remote: git://github.com/cj/padrino-responders.git
  revision: 3f1bd0b361ea8a0b630fd5b553a206d75473ba7a
  specs:
    padrino-responders (0.1.5)
      padrino (>= 0.10.2)
      sinatra-flash (>= 0.3.0)

GIT
  remote: git://github.com/lwe/simple_enum.git
  revision: d854e5d1caa498a5cac82e9ec90a1216b33012a1
  specs:
    simple_enum (1.5.0)
      activesupport (>= 3.0.0)

GIT
  remote: git://github.com/padrino/padrino-framework.git
  revision: d980b11a402bdc2433b7fbbdf442fb2a654638d1
  specs:
    padrino (0.10.6.c)
      padrino-admin (= 0.10.6.c)
      padrino-cache (= 0.10.6.c)
      padrino-core (= 0.10.6.c)
      padrino-gen (= 0.10.6.c)
      padrino-helpers (= 0.10.6.c)
      padrino-mailer (= 0.10.6.c)
    padrino-admin (0.10.6.c)
      padrino-core (= 0.10.6.c)
      padrino-helpers (= 0.10.6.c)
    padrino-cache (0.10.6.c)
      padrino-core (= 0.10.6.c)
    padrino-core (0.10.6.c)
      activesupport (~> 3.2.0)
      http_router (~> 0.10.2)
      sinatra (~> 1.3.1)
      thor (~> 0.14.3)
      tilt (~> 1.3.0)
    padrino-gen (0.10.6.c)
      bundler (~> 1.0)
      padrino-core (= 0.10.6.c)
    padrino-helpers (0.10.6.c)
      i18n (~> 0.6)
      padrino-core (= 0.10.6.c)
    padrino-mailer (0.10.6.c)
      mail (~> 2.3.0)
      padrino-core (= 0.10.6.c)

GIT
  remote: git://github.com/rstacruz/sinatra-assetpack.git
  revision: ab2a413026099492807bd19affd60bd3d3bc1cca
  specs:
    sinatra-assetpack (0.0.10)
      jsmin
      rack-test
      sinatra
      tilt (>= 1.3.0)

GIT
  remote: git://github.com/rud/capybara-webkit.git
  revision: cc2e9486a0cedb378e88ff365fc28d4d1eff7c1d
  specs:
    capybara-webkit (0.6.1)
      capybara (~> 1.1.0)

GEM
  remote: http://rubygems.org/
  specs:
    actionpack (3.2.1)
      activemodel (= 3.2.1)
      activesupport (= 3.2.1)
      builder (~> 3.0.0)
      erubis (~> 2.7.0)
      journey (~> 1.0.1)
      rack (~> 1.4.0)
      rack-cache (~> 1.1)
      rack-test (~> 0.6.1)
      sprockets (~> 2.1.2)
    activemodel (3.2.1)
      activesupport (= 3.2.1)
      builder (~> 3.0.0)
    activerecord (3.2.1)
      activemodel (= 3.2.1)
      activesupport (= 3.2.1)
      arel (~> 3.0.0)
      tzinfo (~> 0.3.29)
    activesupport (3.2.1)
      i18n (~> 0.6)
      multi_json (~> 1.0)
    addressable (2.2.6)
    ansi (1.4.2)
    arel (3.0.0)
    builder (3.0.0)
    cancan (1.6.7)
    capybara (1.1.2)
      mime-types (>= 1.16)
      nokogiri (>= 1.3.3)
      rack (>= 1.0.0)
      rack-test (>= 0.5.4)
      selenium-webdriver (~> 2.0)
      xpath (~> 0.1.4)
    childprocess (0.3.1)
      ffi (~> 1.0.6)
    chunky_png (1.2.5)
    coffee-script (2.2.0)
      coffee-script-source
      execjs
    coffee-script-source (1.2.0)
    commonjs (0.2.0)
      therubyracer (~> 0.9.9)
    compass (0.11.7)
      chunky_png (~> 1.2)
      fssm (>= 0.2.7)
      sass (~> 3.1)
    daemons (1.1.7)
    database_cleaner (0.7.1)
    diff-lcs (1.1.3)
    erubis (2.7.0)
    eventmachine (0.12.10)
    execjs (1.3.0)
      multi_json (~> 1.0)
    factory_girl (2.5.1)
      activesupport
    factory_girl_rails (1.6.0)
      factory_girl (~> 2.5.0)
      railties (>= 3.0.0)
    fakeweb (1.3.0)
    faraday (0.7.6)
      addressable (~> 2.2)
      multipart-post (~> 1.1)
      rack (~> 1.1)
    ffi (1.0.11)
    fssm (0.2.8.1)
    guard (1.0.0)
      ffi (>= 0.5.0)
      thor (~> 0.14.6)
    guard-rspec (0.6.0)
      guard (>= 0.10.0)
    guard-spork (0.5.2)
      guard (>= 0.10.0)
      spork (>= 0.8.4)
    haml (3.1.4)
    hashie (1.2.0)
    hike (1.2.1)
    hpricot (0.8.6)
    http_router (0.10.2)
      rack (>= 1.0.0)
      url_mount (~> 0.2.1)
    httparty (0.8.1)
      multi_json
      multi_xml
    i18n (0.6.0)
    journey (1.0.1)
    jsmin (1.0.1)
    json (1.6.5)
    jwt (0.1.4)
      json (>= 1.2.4)
    launchy (2.0.5)
      addressable (~> 2.2.6)
    less (2.0.9)
      commonjs (~> 0.2.0)
      therubyracer (~> 0.9.9)
    libv8 (3.3.10.4)
    liquid (2.3.0)
    liquify (0.2.7)
      liquid (>= 2.2.2)
    mail (2.3.0)
      i18n (>= 0.4.0)
      mime-types (~> 1.16)
      treetop (~> 1.4.8)
    metaclass (0.0.1)
    mime-types (1.17.2)
    mocha (0.10.3)
      metaclass (~> 0.0.1)
    multi_json (1.0.4)
    multi_xml (0.4.1)
    multipart-post (1.1.4)
    mysql (2.8.1)
    nokogiri (1.5.0)
    oauth2 (0.5.2)
      faraday (~> 0.7)
      multi_json (~> 1.0)
    omniauth (1.0.2)
      hashie (~> 1.2)
      rack
    omniauth-oauth2 (1.0.0)
      oauth2 (~> 0.5.0)
      omniauth (~> 1.0)
    padrino-csrf (0.1.0)
      padrino-core
      padrino-helpers
    polyglot (0.3.3)
    rack (1.4.1)
    rack-cache (1.1)
      rack (>= 0.4)
    rack-protection (1.2.0)
      rack
    rack-ssl (1.3.2)
      rack
    rack-test (0.6.1)
      rack (>= 1.0)
    railties (3.2.1)
      actionpack (= 3.2.1)
      activesupport (= 3.2.1)
      rack-ssl (~> 1.3.2)
      rake (>= 0.8.7)
      rdoc (~> 3.4)
      thor (~> 0.14.6)
    rake (0.9.2.2)
    rb-fchange (0.0.5)
      ffi
    rb-fsevent (0.9.0)
    rb-inotify (0.8.8)
      ffi (>= 0.5.0)
    rdoc (3.12)
      json (~> 1.4)
    rspec (2.8.0)
      rspec-core (~> 2.8.0)
      rspec-expectations (~> 2.8.0)
      rspec-mocks (~> 2.8.0)
    rspec-core (2.8.0)
    rspec-expectations (2.8.0)
      diff-lcs (~> 1.1.2)
    rspec-mocks (2.8.0)
    ruby_gntp (0.3.4)
    rubyzip (0.9.5)
    sass (3.1.14)
    selenium-webdriver (2.18.0)
      childprocess (>= 0.2.5)
      ffi (~> 1.0.9)
      multi_json (~> 1.0.4)
      rubyzip
    sinatra (1.3.2)
      rack (~> 1.3, >= 1.3.6)
      rack-protection (~> 1.2)
      tilt (~> 1.3, >= 1.3.3)
    sinatra-can (0.1.7)
      cancan (>= 1.6.0)
      sinatra (>= 1.0.0)
    sinatra-flash (0.3.0)
      sinatra (>= 1.0.0)
    sinatra-support (1.2.2)
      sinatra (>= 1.0)
    spork (0.9.0)
    sprockets (2.1.2)
      hike (~> 1.2)
      rack (~> 1.0)
      tilt (~> 1.1, != 1.3.0)
    therubyracer (0.9.9)
      libv8 (~> 3.3.10)
    thin (1.3.1)
      daemons (>= 1.0.9)
      eventmachine (>= 0.12.6)
      rack (>= 1.0.0)
    thor (0.14.6)
    tilt (1.3.3)
    treetop (1.4.10)
      polyglot
      polyglot (>= 0.3.1)
    turn (0.8.3)
      ansi
    twilio-rb (2.1.3)
      activesupport (>= 3.0.0)
      builder (>= 2.1.2)
      httparty (>= 0.6.1)
      i18n (~> 0.5)
      jwt (>= 0.1.3)
      yajl-ruby (~> 1.0.0)
    tzinfo (0.3.31)
    url_mount (0.2.1)
      rack
    vcr (1.11.3)
    xpath (0.1.4)
      nokogiri (~> 1.3)
    yajl-ruby (1.0.0)

PLATFORMS
  ruby

DEPENDENCIES
  activerecord
  capybara (>= 1.1.2)
  capybara-webkit!
  coffee-script
  compass
  database_cleaner
  factory_girl_rails (>= 1.4.0)
  fakeweb
  guard-rspec
  guard-spork
  haml
  hpricot
  launchy
  less
  liquid
  liquify
  mini_record!
  mocha
  mysql
  oauth2
  omniauth-oauth2
  padrino!
  padrino-csrf
  padrino-responders!
  rack-test
  rake
  rb-fchange
  rb-fsevent
  rb-inotify
  rspec
  ruby_gntp
  simple_enum!
  sinatra-assetpack!
  sinatra-can
  sinatra-flash
  sinatra-support
  spork (~> 0.9.0.rc)
  thin
  turn (~> 0.8.3)
  twilio-rb
  vcr
